GEM
  remote: https://rubygems.org/
  specs:
    mini_portile2 (2.0.0)
    nokogiri (1.6.7.1)
      mini_portile2 (~> 2.0.0.rc2)
    rake (10.4.2)

PLATFORMS
  ruby

DEPENDENCIES
  nokogiri
  rake

BUNDLED WITH
   1.10.6
